GEM
  remote: https://rubygems.org/
  specs:
    GeoRuby (1.3.4)
    chunky_png (1.2.9)
    libxml-ruby (2.7.0)
    rake (10.1.1)
    rubyvor (0.1.4)
      GeoRuby (>= 1.3.0)
      libxml-ruby (>= 0.9.9)

PLATFORMS
  ruby

DEPENDENCIES
  chunky_png
  rake
  rubyvor
